GEM
  remote: https://rubygems.org/
  specs:
    fileutils (1.4.1)
    httparty (0.17.3)
      mime-types (~> 3.0)
      multi_xml (>= 0.5.2)
    json (2.3.1)
    mime-types (3.3.1)
      mime-types-data (~> 3.2015)
    mime-types-data (3.2020.0512)
    mini_portile2 (2.4.0)
    multi_xml (0.6.0)
    nokogiri (1.10.10)
      mini_portile2 (~> 2.4.0)

PLATFORMS
  ruby

DEPENDENCIES
  fileutils (~> 1.4, >= 1.4.1)
  httparty (~> 0.17.0)
  json (~> 2.3, >= 2.3.1)
  nokogiri (~> 1.10, >= 1.10.10)

RUBY VERSION
   ruby 2.7.1p83

BUNDLED WITH
   2.1.4
